GIT
  remote: git://github.com/ffi/ffi-swig-generator.git
  revision: 818e921fc85aa58550c15e558af81edd1e8e9f69
  ref: 818e921
  specs:
    ffi-swig-generator (0.3.3)
      nokogiri (>= 1.6.0)
      rake (>= 0.9.2.2)

GEM
  remote: https://rubygems.org/
  specs:
    diff-lcs (1.2.4)
    ffi (1.9.0)
    json (1.8.1)
    mini_portile (0.5.2)
    nokogiri (1.6.1)
      mini_portile (~> 0.5.0)
    rake (10.1.1)
    rdoc (4.0.1)
      json (~> 1.4)
    rspec (2.14.1)
      rspec-core (~> 2.14.0)
      rspec-expectations (~> 2.14.0)
      rspec-mocks (~> 2.14.0)
    rspec-core (2.14.6)
    rspec-expectations (2.14.3)
      diff-lcs (>= 1.1.3, < 2.0)
    rspec-mocks (2.14.4)
    yard (0.8.7.2)

PLATFORMS
  ruby

DEPENDENCIES
  ffi
  ffi-swig-generator!
  rake
  rdoc
  rspec
  yard
